GIT
  remote: git://github.com/sinatra/sinatra.git
  revision: e0ba389c7bf30a27b1be4ea0a82f19abebc20bc6
  specs:
    rack-protection (2.0.0)
      rack
    sinatra (2.0.0)
      mustermann (~> 1.0)
      rack (~> 2.0)
      rack-protection (= 2.0.0)
      tilt (~> 2.0)

GEM
  remote: https://rubygems.org/
  specs:
    mustermann (1.0.1)
    rack (2.0.3)
    tilt (2.0.8)

PLATFORMS
  ruby

DEPENDENCIES
  sinatra!

BUNDLED WITH
   1.16.1
